GEM
  remote: https://rubygems.org/
  specs:
    ast (2.4.0)
    coderay (1.1.2)
    eventmachine (1.2.6)
    htmlentities (4.3.4)
    kramdown (1.16.2)
    lolcat (99.9.11)
      manpages (~> 0.6.1)
      paint (~> 2.0.0)
      trollop (~> 2.1.2)
    manpages (0.6.1)
    mini_portile2 (2.3.0)
    nokogiri (1.8.2)
      mini_portile2 (~> 2.3.0)
    paint (2.0.1)
    parallel (1.12.1)
    parser (2.5.1.0)
      ast (~> 2.4.0)
    powerpack (0.1.1)
    rainbow (3.0.0)
    reverse_markdown (1.1.0)
      nokogiri
    rubocop (0.55.0)
      parallel (~> 1.10)
      parser (>= 2.5)
      powerpack (~> 0.1)
      rainbow (>= 2.2.2, < 4.0)
      ruby-progressbar (~> 1.7)
      unicode-display_width (~> 1.0, >= 1.0.1)
    ruby-progressbar (1.9.0)
    solargraph (0.21.0)
      coderay (~> 1.1)
      eventmachine (~> 1.2, >= 1.2.5)
      htmlentities (~> 4.3, >= 4.3.4)
      kramdown
      parser (~> 2.4)
      reverse_markdown (~> 1.0, >= 1.0.5)
      rubocop (~> 0.52)
      thor (~> 0.19, >= 0.19.4)
      tilt (~> 2.0)
      yard (~> 0.9)
    thor (0.20.0)
    tilt (2.0.8)
    trollop (2.1.2)
    unicode-display_width (1.3.2)
    yard (0.9.12)

PLATFORMS
  ruby

DEPENDENCIES
  lolcat
  solargraph

BUNDLED WITH
   1.16.1
